RESTRICTION: == net6.0
NUGET
  remote: https://api.nuget.org/v3/index.json
    FSharp.Core (6.0.5)
    FSharp.SystemTextJson (0.19.13)
      FSharp.Core (>= 4.7)
      System.Text.Json (>= 6.0)
    FsHttp (9.1.2)
      FSharp.Core (>= 5.0)
    System.Runtime.CompilerServices.Unsafe (6.0)
    System.Text.Encodings.Web (6.0)
      System.Runtime.CompilerServices.Unsafe (>= 6.0)
    System.Text.Json (6.0.5)
      System.Runtime.CompilerServices.Unsafe (>= 6.0)
      System.Text.Encodings.Web (>= 6.0)
